PATH
  remote: .
  specs:
    c_from_ruby (0.1.0)

GEM
  remote: https://rubygems.org/
  specs:
    minitest (5.14.0)
    rake (10.5.0)

PLATFORMS
  ruby

DEPENDENCIES
  bundler (~> 1.16)
  c_from_ruby!
  minitest (~> 5.0)
  rake (~> 10.0)

BUNDLED WITH
   1.17.2
